PATH
  remote: ../..
  specs:
    opal (0.10.2)
      hike (~> 1.2)
      sourcemap (~> 0.1.0)
      sprockets (~> 3.1)
      tilt (>= 1.4)

GEM
  remote: https://rubygems.org/
  specs:
    concurrent-ruby (1.0.2)
    hike (1.2.3)
    puma (3.6.0)
    rack (1.5.2)
    rack-protection (1.5.3)
      rack
    sinatra (1.4.5)
      rack (~> 1.4)
      rack-protection (~> 1.4)
      tilt (~> 1.3, >= 1.3.4)
    sourcemap (0.1.1)
    sprockets (3.7.0)
      concurrent-ruby (~> 1.0)
      rack (> 1, < 3)
    tilt (1.4.1)

PLATFORMS
  ruby

DEPENDENCIES
  opal!
  puma
  sinatra

BUNDLED WITH
   1.13.2
